GEM
  remote: https://rubygems.org/
  specs:
    date (3.4.1)
    docile (1.4.1)
    minitest (5.25.5)
    nokogiri (1.18.8-aarch64-linux-gnu)
      racc (~> 1.4)
    nokogiri (1.18.8-aarch64-linux-musl)
      racc (~> 1.4)
    nokogiri (1.18.8-arm-linux-gnu)
      racc (~> 1.4)
    nokogiri (1.18.8-arm-linux-musl)
      racc (~> 1.4)
    nokogiri (1.18.8-arm64-darwin)
      racc (~> 1.4)
    nokogiri (1.18.8-x86_64-darwin)
      racc (~> 1.4)
    nokogiri (1.18.8-x86_64-linux-gnu)
      racc (~> 1.4)
    nokogiri (1.18.8-x86_64-linux-musl)
      racc (~> 1.4)
    psych (5.2.3)
      date
      stringio
    racc (1.8.1)
    rake (13.2.1)
    rdoc (6.13.1)
      psych (>= 4.0.0)
    rubyzip (2.4.1)
    simplecov (0.22.0)
      docile (~> 1.1)
      simplecov-html (~> 0.11)
      simplecov_json_formatter (~> 0.1)
    simplecov-html (0.13.1)
    simplecov_json_formatter (0.1.4)
    stringio (3.1.7)
    webrick (1.9.1)
    yard (0.9.37)

PLATFORMS
  aarch64-linux-gnu
  aarch64-linux-musl
  arm-linux-gnu
  arm-linux-musl
  arm64-darwin
  x86_64-darwin
  x86_64-linux-gnu
  x86_64-linux-musl

DEPENDENCIES
  minitest (~> 5.25)
  nokogiri (~> 1.18)
  rake (~> 13.2)
  rdoc (~> 6.13)
  rubyzip (~> 2.4)
  simplecov
  webrick (~> 1.9)
  yard (~> 0.9.37)

RUBY VERSION
   ruby 3.4.3p32

BUNDLED WITH
   2.6.7
